GEM
  remote: https://rubygems.org/
  specs:
    jekyll-sitemap (0.9.0)

PLATFORMS
  ruby

DEPENDENCIES
  jekyll-sitemap

BUNDLED WITH
   1.10.6
