GEM
  remote: https://rubygems.org/
  specs:
    jekyll-sitemap (0.9.0)
    kramdown (1.8.0)

PLATFORMS
  ruby

DEPENDENCIES
  jekyll-sitemap
  kramdown

BUNDLED WITH
   1.10.6
